GEM
  remote: https://rubygems.org/
  specs:
    activesupport (4.2.5)
      i18n (~> 0.7)
      json (~> 1.7, >= 1.7.7)
      minitest (~> 5.1)
      thread_safe (~> 0.3, >= 0.3.4)
      tzinfo (~> 1.1)
    addressable (2.4.0)
    asana (0.5.0)
      faraday (~> 0.9)
      faraday_middleware (~> 0.9)
      faraday_middleware-multi_json (~> 0.0)
      oauth2 (~> 1.0)
    awesome_print (1.6.1)
    coderay (1.1.0)
    css_parser (1.3.7)
      addressable
    evernote-thrift (1.25.2)
    evernote_utils (0.1.2)
      activesupport
      evernote-thrift (~> 1.25.1)
      roadie
    faraday (0.9.2)
      multipart-post (>= 1.2, < 3)
    faraday_middleware (0.10.0)
      faraday (>= 0.7.4, < 0.10)
    faraday_middleware-multi_json (0.0.6)
      faraday_middleware
      multi_json
    i18n (0.7.0)
    json (1.8.3)
    jwt (1.5.2)
    method_source (0.8.2)
    mini_portile2 (2.0.0)
    minitest (5.8.3)
    multi_json (1.11.2)
    multi_xml (0.5.5)
    multipart-post (2.0.0)
    nokogiri (1.6.7.1)
      mini_portile2 (~> 2.0.0.rc2)
    oauth2 (1.0.0)
      faraday (>= 0.8, < 0.10)
      jwt (~> 1.0)
      multi_json (~> 1.3)
      multi_xml (~> 0.5)
      rack (~> 1.2)
    pry (0.10.3)
      coderay (~> 1.1.0)
      method_source (~> 0.8.1)
      slop (~> 3.4)
    pry-doc (0.8.0)
      pry (~> 0.9)
      yard (~> 0.8)
    rack (1.6.4)
    roadie (3.1.1)
      css_parser (~> 1.3.4)
      nokogiri (>= 1.5.0, < 1.7.0)
    slop (3.6.0)
    thread_safe (0.3.5)
    tzinfo (1.2.2)
      thread_safe (~> 0.1)
    yard (0.8.7.6)

PLATFORMS
  ruby

DEPENDENCIES
  activesupport
  asana
  awesome_print
  evernote_utils
  pry
  pry-doc

BUNDLED WITH
   1.10.6
